GEM
  remote: http://rubygems.org/
  specs:
    domain_name (0.5.1)
      unf (~> 0.0.3)
    logger (1.2.8)
    mechanize (2.1)
      domain_name (~> 0.5, >= 0.5.1)
      net-http-digest_auth (~> 1.1, >= 1.1.1)
      net-http-persistent (~> 2.3, >= 2.3.2)
      nokogiri (~> 1.4)
      ntlm-http (~> 0.1, >= 0.1.1)
      webrobots (~> 0.0, >= 0.0.9)
    net-http-digest_auth (1.2)
    net-http-persistent (2.3.3)
    nokogiri (1.5.0)
    ntlm-http (0.1.1)
    rack (1.4.1)
    rack-protection (1.2.0)
      rack
    sinatra (1.3.2)
      rack (~> 1.3, >= 1.3.6)
      rack-protection (~> 1.2)
      tilt (~> 1.3, >= 1.3.3)
    tilt (1.3.3)
    unf (0.0.4)
      unf_ext
    unf_ext (0.0.4)
    webrobots (0.0.12)
      nokogiri (>= 1.4.4)

PLATFORMS
  ruby

DEPENDENCIES
  logger
  mechanize
  nokogiri
  sinatra
